PATH
  remote: .
  specs:
    goaia-jekyll (0.1.0)

GEM
  remote: https://rubygems.org/
  specs:

PLATFORMS
  ruby

DEPENDENCIES

BUNDLED WITH
   1.16.1